GIT
  remote: git://github.com/itmedia/media-ldap.git
  revision: 1b4ce5bcfeecce7650f8914a07c5166a36756d03
  specs:
    media-ldap (0.0.1)
      connection_pool
      net-ldap

GIT
  remote: git://github.com/itmedia/media-web.git
  revision: ad175b436f93caa5b64a4ab9d04be358be984f3d
  specs:
    media-web (0.0.1)
      puma
      rack-cache
      sinatra
      slim
      yajl-ruby

GEM
  remote: https://rubygems.org/
  specs:
    connection_pool (1.1.0)
    dotenv (0.9.0)
    foreman (0.63.0)
      dotenv (>= 0.7)
      thor (>= 0.13.6)
    net-ldap (0.3.1)
    puma (2.6.0)
      rack (>= 1.1, < 2.0)
    rack (1.5.2)
    rack-cache (1.2)
      rack (>= 0.4)
    rack-protection (1.5.1)
      rack
    rake (10.1.0)
    sinatra (1.4.4)
      rack (~> 1.4)
      rack-protection (~> 1.4)
      tilt (~> 1.3, >= 1.3.4)
    slim (2.0.2)
      temple (~> 0.6.6)
      tilt (>= 1.3.3, < 2.1)
    temple (0.6.7)
    thor (0.18.1)
    tilt (1.4.1)
    yajl-ruby (1.1.0)

PLATFORMS
  ruby

DEPENDENCIES
  foreman
  media-ldap!
  media-web!
  rake
